GEM
  remote: https://rubygems.org/
  specs:
    concurrent-ruby (1.3.4)

PLATFORMS
  ruby

DEPENDENCIES
  concurrent-ruby (= 1.3.4)

BUNDLED WITH
   1.17.2
